GIT
  remote: https://github.com/athenahealth/fluent-plugin-newsyslog.git
  revision: 905960ab07f3103415df8bd41e09dd5741a9221a
  tag: v0.1.0
  specs:
    fluent-plugin-newsyslog (0.1.0)
      fluentd (>= 0.10.59)

GEM
  remote: https://rubygems.org/
  specs:
    addressable (2.4.0)
    archive-tar-minitar (0.5.2)
    arr-pm (0.0.10)
      cabin (> 0)
    aws-sdk (2.4.3)
      aws-sdk-resources (= 2.4.3)
    aws-sdk-core (2.4.3)
      jmespath (~> 1.0)
    aws-sdk-resources (2.4.3)
      aws-sdk-core (= 2.4.3)
    backports (3.6.8)
    bzip2-ffi (1.0.0)
      ffi (~> 1.0)
    cabin (0.8.1)
    childprocess (0.5.9)
      ffi (~> 1.0, >= 1.0.11)
    clamp (1.0.0)
    cool.io (1.4.4)
    elasticsearch (2.0.0)
      elasticsearch-api (= 2.0.0)
      elasticsearch-transport (= 2.0.0)
    elasticsearch-api (2.0.0)
      multi_json
    elasticsearch-transport (2.0.0)
      faraday
      multi_json
    eventmachine (1.2.0.1)
    excon (0.51.0)
    faraday (0.9.2)
      multipart-post (>= 1.2, < 3)
    ffi (1.9.14)
    fluent-mixin-config-placeholders (0.4.0)
      fluentd
      uuidtools (>= 2.1.5)
    fluent-mixin-plaintextformatter (0.2.6)
      fluentd
      ltsv
    fluent-mixin-rewrite-tag-name (0.1.0)
      fluentd
    fluent-plugin-buffer-event_limited (0.1.6)
      fluentd (>= 0.10.42)
    fluent-plugin-cat-sweep (0.1.1)
      fluentd
    fluent-plugin-elasticsearch (1.5.0)
      elasticsearch
      excon
      fluentd (>= 0.10.43)
    fluent-plugin-elasticsearch-timestamp-check (0.1.1)
    fluent-plugin-flatten-hash (0.4.0)
      fluentd (> 0.12.0)
    fluent-plugin-flowcounter (0.4.1)
      fluent-mixin-config-placeholders (>= 0.3.0)
      fluentd
    fluent-plugin-flowcounter-simple (0.0.4)
      fluentd
    fluent-plugin-forest (0.3.0)
      fluentd
    fluent-plugin-geoip (0.6.1)
      fluent-mixin-rewrite-tag-name
      fluentd
      geoip-c
    fluent-plugin-graphite (0.0.6)
      fluent-mixin-rewrite-tag-name
      fluentd (>= 0.10.17)
      graphite-api
    fluent-plugin-kafka (0.2.2)
      fluentd (>= 0.10.58, < 2)
      ltsv
      poseidon_cluster
      ruby-kafka (~> 0.3.9)
      zookeeper
    fluent-plugin-multiprocess (0.2.0)
      fluentd (>= 0.10.0, < 2)
      serverengine (~> 1.6)
    fluent-plugin-ping-message (0.2.0)
      fluent-mixin-config-placeholders (>= 0.3.0)
      fluentd
    fluent-plugin-record-modifier (0.4.1)
      fluent-mixin-config-placeholders (>= 0.3.0)
      fluentd (>= 0.10.58, < 2)
    fluent-plugin-retag (0.0.2)
      fluentd
    fluent-plugin-rewrite-tag-filter (1.5.5)
      fluentd
    fluent-plugin-s3 (0.6.8)
      aws-sdk (~> 2)
      fluent-mixin-config-placeholders (>= 0.3.0)
      fluentd (>= 0.10.58, < 2)
      yajl-ruby (~> 1.0)
    fluent-plugin-scribe (0.10.14)
      fluentd
      thrift (~> 0.8.0)
    fluent-plugin-string-scrub (0.1.0)
    fluent-plugin-webhdfs (0.5.1)
      bzip2-ffi
      fluent-mixin-config-placeholders (>= 0.3.0)
      fluent-mixin-plaintextformatter (>= 0.2.1)
      fluentd (>= 0.10.59)
      snappy (>= 0.0.13)
      webhdfs (>= 0.6.0)
    fluentd (0.12.26)
      cool.io (>= 1.2.2, < 2.0.0)
      http_parser.rb (>= 0.5.1, < 0.7.0)
      json (>= 1.4.3)
      msgpack (>= 0.5.11, < 0.6.0)
      sigdump (~> 0.2.2)
      string-scrub (>= 0.0.3, <= 0.0.5)
      tzinfo (>= 1.0.0)
      tzinfo-data (>= 1.0.0)
      yajl-ruby (~> 1.0)
    fpm (1.6.2)
      archive-tar-minitar
      arr-pm (~> 0.0.10)
      backports (>= 2.6.2)
      cabin (>= 0.6.0)
      childprocess
      clamp (~> 1.0.0)
      ffi
      json (>= 1.7.7, < 2.0)
      pleaserun (~> 0.0.24)
      ruby-xz
    geoip-c (0.9.1)
    graphite-api (0.1.6)
      eventmachine (>= 0.3.3)
      zscheduler (>= 0.0.3)
    http_parser.rb (0.6.0)
    insist (1.0.0)
    io-like (0.3.0)
    jmespath (1.3.1)
    json (1.8.3)
    ltsv (0.1.0)
    msgpack (0.5.12)
    multi_json (1.12.1)
    multipart-post (2.0.0)
    mustache (0.99.8)
    oj (2.17.1)
    pleaserun (0.0.24)
      cabin (> 0)
      clamp
      insist
      mustache (= 0.99.8)
      stud
    poseidon (0.0.5)
    poseidon_cluster (0.3.3)
      poseidon (>= 0.0.5, < 0.1.0)
      zk
    ruby-kafka (0.3.11)
    ruby-xz (0.2.3)
      ffi (~> 1.9)
      io-like (~> 0.3)
    serverengine (1.6.4)
      sigdump (~> 0.2.2)
    sigdump (0.2.4)
    snappy (0.0.15)
    string-scrub (0.0.5)
    stud (0.0.22)
    thread_safe (0.3.5)
    thrift (0.8.0)
    tzinfo (1.2.2)
      thread_safe (~> 0.1)
    tzinfo-data (1.2016.6)
      tzinfo (>= 1.0.0)
    uuidtools (2.1.5)
    webhdfs (0.8.0)
      addressable
    yajl-ruby (1.2.1)
    zk (1.9.6)
      zookeeper (~> 1.4.0)
    zookeeper (1.4.11)
    zscheduler (0.0.6)
      eventmachine

PLATFORMS
  ruby

DEPENDENCIES
  fluent-plugin-buffer-event_limited (= 0.1.6)
  fluent-plugin-cat-sweep (= 0.1.1)
  fluent-plugin-elasticsearch (= 1.5.0)
  fluent-plugin-elasticsearch-timestamp-check (= 0.1.1)
  fluent-plugin-flatten-hash (= 0.4.0)
  fluent-plugin-flowcounter (= 0.4.1)
  fluent-plugin-flowcounter-simple (= 0.0.4)
  fluent-plugin-forest (= 0.3.0)
  fluent-plugin-geoip (= 0.6.1)
  fluent-plugin-graphite (= 0.0.6)
  fluent-plugin-kafka (= 0.2.2)
  fluent-plugin-multiprocess (= 0.2.0)
  fluent-plugin-newsyslog!
  fluent-plugin-ping-message (= 0.2.0)
  fluent-plugin-record-modifier (= 0.4.1)
  fluent-plugin-retag (= 0.0.2)
  fluent-plugin-rewrite-tag-filter (= 1.5.5)
  fluent-plugin-s3 (= 0.6.8)
  fluent-plugin-scribe (= 0.10.14)
  fluent-plugin-string-scrub (= 0.1.0)
  fluent-plugin-webhdfs (= 0.5.1)
  fluentd (= 0.12.26)
  fpm (= 1.6.2)
  oj (= 2.17.1)
  snappy (= 0.0.15)
  string-scrub (= 0.0.5)

BUNDLED WITH
   1.11.2
